FRAMEWORK: >= NET45
NUGET
  remote: http://www.nuget.org/api/v2
    JetBrains.Annotations (10.1.5)
    StyleCop.Analyzers (1.0)

GROUP Test
NUGET
  remote: http://www.nuget.org/api/v2
    Castle.Core (3.3.3)
    NUnit (3.4.1)
    TestStack.White (0.13.3)
      Castle.Core (>= 3.3)
