

GROUP Analyzers
FRAMEWORK: >= NET45
NUGET
  remote: http://www.nuget.org/api/v2
    JetBrains.Annotations (10.1.5)
    StyleCop.Analyzers (1.0)
    WpfAnalyzers (0.1.7.1-dev)

GROUP Test
FRAMEWORK: >= NET45
NUGET
  remote: http://www.nuget.org/api/v2
    Castle.Core (3.3.3)
    NUnit (3.4.1)
    TestStack.White.Uia3 (0.14.0-uiacomwrapper0214)
      Castle.Core (>= 3.3)
      UIAComWrapper (>= 1.1.0.14)
    UIAComWrapper (1.1.0.14)
