NUGET
  remote: http://www.nuget.org/api/v2
  specs:
    JetBrains.Annotations (10.0.0)
    StyleCop.Analyzers (1.0.0)
